GEM
  remote: https://rubygems.org/
  specs:
    actionmailer 
      actionpack (= 4.1.0)
      actionview (= 4.1.0)
      mail (~> 2.5.4)
    actionpack 
      actionview (= 4.1.0)
      activesupport (= 4.1.0)
      rack (~> 1.5.2)
      rack-test (~> 0.6.2)
    actionview 
      activesupport (= 4.1.0)
      builder (~> 3.1)
      erubis (~> 2.7.0)
    activemodel 
      activesupport (= 4.1.0)
      builder (~> 3.1)
    activerecord 
      activemodel (= 4.1.0)
      activesupport (= 4.1.0)
      arel (~> 5.0.0)
    activesupport 
      i18n (~> 0.6, >= 0.6.9)
      json (~> 1.7, >= 1.7.7)
      minitest (~> 5.1)
      thread_safe (~> 0.1)
      tzinfo (~> 1.1)
    arel 
    builder 
    coffee-rails 
      coffee-script (>= 2.2.0)
      railties (>= 4.0.0, < 5.0)
    coffee-script 
      coffee-script-source
      execjs
    coffee-script-source 
    erubis 
    execjs 
    hike 
    i18n 
    jbuilder 
      activesupport (>= 3.0.0, < 5.1)
      multi_json (~> 1.2)
    jquery-rails 
      railties (>= 3.0, < 5.0)
      thor (>= 0.14, < 2.0)
    json 
    mail 
      mime-types (~> 1.16)
      treetop (~> 1.4.8)
    mime-types 
    minitest 
    multi_json 
    pg 
    polyglot 
    rack 
    rack-test 
      rack (>= 1.0)
    rails 
      actionmailer (= 4.1.0)
      actionpack (= 4.1.0)
      actionview (= 4.1.0)
      activemodel (= 4.1.0)
      activerecord (= 4.1.0)
      activesupport (= 4.1.0)
      bundler (>= 1.3.0, < 2.0)
      railties (= 4.1.0)
      sprockets-rails (~> 2.0)
    railties 
      actionpack (= 4.1.0)
      activesupport (= 4.1.0)
      rake (>= 0.8.7)
      thor (>= 0.18.1, < 2.0)
    rake 
    rdoc 
      json (~> 1.4)
    sass 
    sass-rails 
      railties (>= 4.0.0, < 5.0)
      sass (~> 3.2.2)
      sprockets (~> 2.8, < 3.0)
      sprockets-rails (~> 2.0)
    sdoc 
      json (~> 1.7, >= 1.7.7)
      rdoc (~> 4.0)
    spring 
    sprockets 
      hike (~> 1.2)
      multi_json (~> 1.0)
      rack (~> 1.0)
      tilt (~> 1.1, != 1.3.0)
    sprockets-rails 
      actionpack (>= 3.0)
      activesupport (>= 3.0)
      sprockets (>= 2.8, < 4.0)
    thor 
    thread_safe 
    tilt 
    treetop 
      polyglot
      polyglot (>= 0.3.1)
    turbolinks 
      turbolinks-source (~> 5)
    turbolinks-source 
    tzinfo 
      thread_safe (~> 0.1)
    uglifier 
      execjs (>= 0.3.0, < 3)

PLATFORMS
  ruby

DEPENDENCIES
  coffee-rails (~> 4.0.0)
  jbuilder (~> 2.0)
  jquery-rails
  pg
  rails (= 4.1.0)
  sass-rails (~> 4.0.3)
  sdoc (~> 0.4.0)
  spring
  turbolinks
  uglifier (>= 1.3.0)
